GEM
  remote: http://rubygems.org/
  specs:
    ansi (1.4.2)
    minitest (2.11.1)
    turn (0.9.1)
      ansi
      minitest

PLATFORMS
  ruby

DEPENDENCIES
  minitest
  turn
